GEM
  remote: http://rubygems.org/
  specs:
    activesupport (3.2.2)
      i18n (~> 0.6)
      multi_json (~> 1.0)
    git (1.2.5)
    i18n (0.6.0)
    jeweler (1.8.3)
      bundler (~> 1.0)
      git (>= 1.2.5)
      rake
      rdoc
    json (1.7.1)
    metaclass (0.0.1)
    mime-types (1.18)
    mocha (0.10.0)
      metaclass (~> 0.0.1)
    multi_json (1.3.4)
    rake (0.9.2.2)
    rdoc (3.12)
      json (~> 1.4)
    rest-client (1.6.7)
      mime-types (>= 1.16)
    yard (0.8.1)

PLATFORMS
  ruby

DEPENDENCIES
  activesupport
  bundler (~> 1.0.0)
  jeweler (~> 1.8.3)
  mocha
  rest-client
  yard (~> 0.7)
